GEM
  remote: https://rubygems.org/
  specs:
    httparty (0.15.6)
      multi_xml (>= 0.5.2)
    multi_json (1.12.2)
    multi_xml (0.6.0)
    streamio-ffmpeg (3.0.2)
      multi_json (~> 1.8)

PLATFORMS
  x64-mingw32

DEPENDENCIES
  httparty
  streamio-ffmpeg

BUNDLED WITH
   1.15.3
